GIT
  remote: git://github.com/gonz/bureaucrat.git
  revision: 82e38ee2876ae8b67234f01d2b2204a1c2d40206
  ref: 82e38e
  specs:
    bureaucrat (0.10.0)

GIT
  remote: git://github.com/sborrazas/bitmask_attributes.git
  revision: 6da8b1f0559938c1726cc66864c2c16f5c6c5347
  specs:
    bitmask_attributes (0.2.4)
      activerecord (~> 3.0)

GEM
  remote: http://rubygems.org/
  specs:
    actionpack (3.1.4)
      activemodel (= 3.1.4)
      activesupport (= 3.1.4)
      builder (~> 3.0.0)
      erubis (~> 2.7.0)
      i18n (~> 0.6)
      rack (~> 1.3.6)
      rack-cache (~> 1.1)
      rack-mount (~> 0.8.2)
      rack-test (~> 0.6.1)
      sprockets (~> 2.0.3)
    activemodel (3.1.4)
      activesupport (= 3.1.4)
      builder (~> 3.0.0)
      i18n (~> 0.6)
    activerecord (3.1.4)
      activemodel (= 3.1.4)
      activesupport (= 3.1.4)
      arel (~> 2.2.3)
      tzinfo (~> 0.3.29)
    activesupport (3.1.4)
      multi_json (~> 1.0)
    archive-tar-minitar (0.5.2)
    arel (2.2.3)
    bcrypt-ruby (3.0.1)
    builder (3.0.0)
    carrierwave (0.5.8)
      activesupport (~> 3.0)
    chunky_png (1.2.5)
    coderay (1.0.5)
    columnize (0.3.6)
    compass (0.11.7)
      chunky_png (~> 1.2)
      fssm (>= 0.2.7)
      sass (~> 3.1)
    erubis (2.7.0)
    excon (0.6.6)
    fog (0.9.0)
      builder
      excon (~> 0.6.1)
      formatador (>= 0.1.3)
      json
      mime-types
      net-scp (>= 1.0.4)
      net-ssh (>= 2.1.4)
      nokogiri (>= 1.4.4)
      ruby-hmac
    formatador (0.2.1)
    fssm (0.2.8.1)
    geocoder (1.1.1)
    hike (1.2.1)
    hooves (0.7)
      unicorn (> 0)
    i18n (0.6.0)
    json (1.6.5)
    kgio (2.7.4)
    linecache19 (0.5.12)
      ruby_core_source (>= 0.1.4)
    method_source (0.7.1)
    mime-types (1.17.2)
    mini_magick (3.4)
      subexec (~> 0.2.1)
    multi_json (1.1.0)
    net-scp (1.0.4)
      net-ssh (>= 1.99.1)
    net-ssh (2.3.0)
    nokogiri (1.5.2)
    pg (0.13.2)
    pry (0.9.8.4)
      coderay (~> 1.0.5)
      method_source (~> 0.7.1)
      slop (>= 2.4.4, < 3)
    queue_classic (2.0.0rc4)
      pg (~> 0.13.2)
    rack (1.3.6)
    rack-cache (1.2)
      rack (>= 0.4)
    rack-mount (0.8.3)
      rack (>= 1.0.0)
    rack-protection (1.2.0)
      rack
    rack-test (0.6.1)
      rack (>= 1.0)
    racksh (0.9.11)
      rack (>= 1.0)
      rack-test (>= 0.5)
    raindrops (0.8.0)
    rake (0.9.2.2)
    recurly (2.0.11)
    ruby-debug-base19 (0.11.25)
      columnize (>= 0.3.1)
      linecache19 (>= 0.5.11)
      ruby_core_source (>= 0.1.4)
    ruby-debug19 (0.11.6)
      columnize (>= 0.3.1)
      linecache19 (>= 0.5.11)
      ruby-debug-base19 (>= 0.11.19)
    ruby-hmac (0.4.0)
    ruby_core_source (0.1.5)
      archive-tar-minitar (>= 0.5.2)
    sass (3.1.15)
    shotgun (0.9)
      rack (>= 1.0)
    sinatra (1.3.2)
      rack (~> 1.3, >= 1.3.6)
      rack-protection (~> 1.2)
      tilt (~> 1.3, >= 1.3.3)
    slop (2.4.4)
    sprockets (2.0.3)
      hike (~> 1.2)
      rack (~> 1.0)
      tilt (~> 1.1, != 1.3.0)
    subexec (0.2.1)
    tilt (1.3.3)
    tzinfo (0.3.32)
    unicorn (4.2.1)
      kgio (~> 2.6)
      rack
      raindrops (~> 0.7)
    warden (1.1.1)
      rack (>= 1.0)

PLATFORMS
  ruby

DEPENDENCIES
  actionpack (~> 3.1.4)
  activerecord (~> 3.1.2)
  bcrypt-ruby (~> 3.0)
  bitmask_attributes!
  bundler
  bureaucrat!
  carrierwave (~> 0.5.8)
  compass
  fog (~> 0.9.0)
  geocoder (~> 1.1.1)
  hooves
  mini_magick (~> 3.4)
  pg (~> 0.13.2)
  pry
  queue_classic (= 2.0.0rc4)
  rack (~> 1.3.6)
  racksh (~> 0.9.11)
  rake (~> 0.9.2)
  recurly (~> 2.0.11)
  ruby-debug19
  sass
  shotgun
  sinatra (~> 1.3.2)
  unicorn
  warden (~> 1.1)
